PATH
  remote: .
  specs:
    awesome (0.0.1)

GEM
  remote: https://rubygems.org/
  specs:
    codecov (0.1.10)
      json
      simplecov
      url
    docile (1.1.5)
    json (2.1.0)
    metaclass (0.0.4)
    mocha (1.1.0)
      metaclass (~> 0.0.1)
    multi_json (1.10.1)
    rake (10.3.2)
    simplecov (0.9.1)
      docile (~> 1.1.0)
      multi_json (~> 1.0)
      simplecov-html (~> 0.8.0)
    simplecov-html (0.8.0)
    url (0.3.2)

PLATFORMS
  ruby

DEPENDENCIES
  awesome!
  codecov (>= 0.1.10)
  mocha
  rake
  simplecov

BUNDLED WITH
   1.12.5
